GENERATE-LOAD-SCRIPTS: ON
STORAGE: NONE
RESTRICTION: == net5.0
NUGET
  remote: https://api.nuget.org/v3/index.json
    FSharp.Core (6.0.5)
    Markdig (0.30.2)
    Nfdi4Plants.Fornax (0.2.1)
      FSharp.Core (>= 6.0.4)
      Markdig (>= 0.30.2)
